GEM
  remote: https://rubygems.org/
  specs:
    awesome_print (1.9.2)
    curl (0.0.9)
      awesome_print (>= 0.2.1)
      unidecoder (>= 1.1.1)
    elastic-transport (8.2.1)
      faraday (< 3)
      multi_json
    elasticsearch (8.7.0)
      elastic-transport (~> 8)
      elasticsearch-api (= 8.7.0)
    elasticsearch-api (8.7.0)
      multi_json
    faraday (2.7.4)
      faraday-net_http (>= 2.0, < 3.1)
      ruby2_keywords (>= 0.0.4)
    faraday-net_http (3.0.2)
    multi_json (1.15.0)
    ruby2_keywords (0.0.5)
    unidecoder (1.1.2)

PLATFORMS
  x86_64-linux

DEPENDENCIES
  curl
  elasticsearch

BUNDLED WITH
   2.4.1
